GEM
  remote: https://rubygems.org/
  specs:
    addressable (2.3.8)
    crack (0.4.2)
      safe_yaml (~> 1.0.0)
    diff-lcs (1.2.5)
    faraday (0.9.2)
      multipart-post (>= 1.2, < 3)
    hash-deep-merge (0.1.1)
    hashdiff (0.2.2)
    json-generator (0.1.0)
      json-schema
    json-schema (2.2.5)
    json-schema-generator (0.0.9)
      jsonpath
    jsonpath (0.5.7)
      multi_json
    middleware (0.1.0)
    multi_json (1.11.2)
    multipart-post (2.0.0)
    pacto (0.3.1)
      addressable (~> 2.3)
      faraday (~> 0.9)
      hash-deep-merge (~> 0.1)
      json-generator (~> 0.0, >= 0.0.5)
      json-schema (~> 2.0)
      json-schema-generator (~> 0.0, >= 0.0.7)
      middleware (~> 0.1)
      multi_json (~> 1.8)
      term-ansicolor (~> 1.3)
      webmock (~> 1.17)
    rspec (3.3.0)
      rspec-core (~> 3.3.0)
      rspec-expectations (~> 3.3.0)
      rspec-mocks (~> 3.3.0)
    rspec-core (3.3.2)
      rspec-support (~> 3.3.0)
    rspec-expectations (3.3.1)
      diff-lcs (>= 1.2.0, < 2.0)
      rspec-support (~> 3.3.0)
    rspec-mocks (3.3.2)
      diff-lcs (>= 1.2.0, < 2.0)
      rspec-support (~> 3.3.0)
    rspec-support (3.3.0)
    safe_yaml (1.0.4)
    term-ansicolor (1.3.2)
      tins (~> 1.0)
    tins (1.6.0)
    webmock (1.22.1)
      addressable (>= 2.3.6)
      crack (>= 0.3.2)
      hashdiff

PLATFORMS
  ruby

DEPENDENCIES
  json-schema (~> 2.2.3)
  pacto
  rspec

BUNDLED WITH
   1.10.6
