GEM
  remote: https://rubygems.org/
  specs:
    addressable (2.3.8)
    async-rack (0.5.1)
      rack (~> 1.1)
    cookiejar (0.3.2)
    crack (0.4.2)
      safe_yaml (~> 1.0.0)
    diff-lcs (1.2.5)
    em-http-request (1.1.2)
      addressable (>= 2.3.4)
      cookiejar
      em-socksify (>= 0.3)
      eventmachine (>= 1.0.3)
      http_parser.rb (>= 0.6.0)
    em-socksify (0.3.1)
      eventmachine (>= 1.0.0.beta.4)
    em-synchrony (1.0.4)
      eventmachine (>= 1.0.0.beta.1)
    em-websocket (0.3.8)
      addressable (>= 2.1.1)
      eventmachine (>= 0.12.9)
    eventmachine (1.0.8)
    faraday (0.9.2)
      multipart-post (>= 1.2, < 3)
    git-version-bump (0.15.1)
    goliath (1.0.4)
      async-rack
      em-synchrony (>= 1.0.0)
      em-websocket (= 0.3.8)
      eventmachine (>= 1.0.0.beta.4)
      http_parser.rb (= 0.6.0)
      log4r
      multi_json
      rack (>= 1.2.2)
      rack-contrib
      rack-respond_to
    hashie (3.3.2)
    http_parser.rb (0.6.0)
    json-generator (0.1.0)
      json-schema
    json-schema (2.2.5)
    json-schema-generator (0.0.9)
      jsonpath
    jsonpath (0.5.7)
      multi_json
    log4r (1.1.10)
    middleware (0.1.0)
    mime-types (2.6.2)
    multi_json (1.11.2)
    multipart-post (2.0.0)
    pacto (0.4.0.rc1)
      addressable (~> 2.3)
      faraday (~> 0.9)
      hashie (~> 3.0)
      json-generator (~> 0.0, >= 0.0.5)
      json-schema (~> 2.0)
      json-schema-generator (~> 0.0, >= 0.0.7)
      middleware (~> 0.1)
      multi_json (~> 1.8)
      swagger-core (~> 0.2, >= 0.2.1)
      thor (~> 0.19)
      webmock (~> 1.18, < 1.20.3)
    pacto-server (0.4.0.rc1)
      em-http-request (~> 1.1)
      em-synchrony (~> 1.0)
      goliath (~> 1.0)
      pacto (= 0.4.0.rc1)
    rack (1.6.4)
    rack-accept-media-types (0.9)
    rack-contrib (1.4.0)
      git-version-bump (~> 0.15)
      rack (~> 1.4)
    rack-respond_to (0.9.8)
      rack-accept-media-types (>= 0.6)
    rspec (3.3.0)
      rspec-core (~> 3.3.0)
      rspec-expectations (~> 3.3.0)
      rspec-mocks (~> 3.3.0)
    rspec-core (3.3.2)
      rspec-support (~> 3.3.0)
    rspec-expectations (3.3.1)
      diff-lcs (>= 1.2.0, < 2.0)
      rspec-support (~> 3.3.0)
    rspec-mocks (3.3.2)
      diff-lcs (>= 1.2.0, < 2.0)
      rspec-support (~> 3.3.0)
    rspec-support (3.3.0)
    safe_yaml (1.0.4)
    swagger-core (0.2.3)
      addressable (~> 2.3)
      hashie (~> 3.0, < 3.4.0)
      json-schema (~> 2.2)
      mime-types (~> 2.0)
    thor (0.19.1)
    webmock (1.20.2)
      addressable (>= 2.3.6)
      crack (>= 0.3.2)

PLATFORMS
  ruby

DEPENDENCIES
  json-schema (~> 2.2.3)
  pacto (= 0.4.0.rc1)
  pacto-server (= 0.4.0.rc1)
  rspec

BUNDLED WITH
   1.10.6
